GEM
  remote: http://rubygems.org/
  specs:
    activesupport (3.2.2)
      i18n (~> 0.6)
      multi_json (~> 1.0)
    chunky_png (1.2.5)
    compass (0.11.7)
      chunky_png (~> 1.2)
      fssm (>= 0.2.7)
      sass (~> 3.1)
    compass-h5bp (0.0.5)
      compass
    compass-susy-plugin (0.9)
      compass (>= 0.11.1)
    fssm (0.2.8.1)
    haml (3.1.4)
    html5-boilerplate (2.1.0)
      compass
      compass-h5bp
    i18n (0.6.0)
    multi_json (1.1.0)
    rack (1.4.1)
    rack-test (0.6.1)
      rack (>= 1.0)
    sass (3.1.15)
    serve (1.5.1)
      activesupport (~> 3.0)
      i18n
      rack (~> 1.2)
      rack-test (~> 0.5)
      tilt (~> 1.3)
      tzinfo
    tilt (1.3.3)
    tzinfo (0.3.32)

PLATFORMS
  ruby

DEPENDENCIES
  compass
  compass-susy-plugin (~> 0.9)
  haml (= 3.1.4)
  html5-boilerplate (~> 2.1.0)
  serve (= 1.5.1)
